GEM
  remote: https://rubygems.org/
  specs:
    eventmachine (1.0.3)
    faye-websocket (0.7.0)
      eventmachine (>= 0.12.0)
      websocket-driver (>= 0.3.0)
    json (1.8.0)
    puma (2.6.0)
      rack (>= 1.1, < 2.0)
    rack (1.5.2)
    rack-protection (1.5.0)
      rack
    sinatra (1.4.3)
      rack (~> 1.4)
      rack-protection (~> 1.4)
      tilt (~> 1.3, >= 1.3.4)
    tilt (1.4.1)
    websocket-driver (0.3.0)

PLATFORMS
  ruby

DEPENDENCIES
  faye-websocket
  json
  puma
  sinatra
